GEM
  remote: https://rubygems.org/
  specs:
    nsq-ruby (1.2.1)
    uuidtools (2.1.5)

PLATFORMS
  ruby

DEPENDENCIES
  nsq-ruby
  uuidtools
