GEM
  remote: https://rubygems.org/
  specs:
    diff-lcs (1.2.5)
    nsq-ruby (1.2.1)
    rspec (3.2.0)
      rspec-core (~> 3.2.0)
      rspec-expectations (~> 3.2.0)
      rspec-mocks (~> 3.2.0)
    rspec-core (3.2.3)
      rspec-support (~> 3.2.0)
    rspec-expectations (3.2.1)
      diff-lcs (>= 1.2.0, < 2.0)
      rspec-support (~> 3.2.0)
    rspec-mocks (3.2.1)
      diff-lcs (>= 1.2.0, < 2.0)
      rspec-support (~> 3.2.0)
    rspec-support (3.2.2)
    uuidtools (2.1.5)

PLATFORMS
  ruby

DEPENDENCIES
  nsq-ruby
  rspec
  uuidtools
